GIT
  remote: git://github.com/opscode/omnibus-software.git
  revision: 2e26be554787803214ba9525b6b4214b5c7b6d43
  specs:
    omnibus-software (4.0.0)

GEM
  remote: https://rubygems.org/
  specs:
    activesupport (4.1.9)
      i18n (~> 0.6, >= 0.6.9)
      json (~> 1.7, >= 1.7.7)
      minitest (~> 5.1)
      thread_safe (~> 0.1)
      tzinfo (~> 1.1)
    addressable (2.3.7)
    axiom-types (0.1.1)
      descendants_tracker (~> 0.0.4)
      ice_nine (~> 0.11.0)
      thread_safe (~> 0.3, >= 0.3.1)
    chef (11.18.6)
      chef-zero (~> 2.2, >= 2.2.1)
      diff-lcs (~> 1.2, >= 1.2.4)
      erubis (~> 2.7)
      ffi-yajl (~> 1.2)
      highline (~> 1.6, >= 1.6.9)
      mime-types (~> 1.16)
      mixlib-authentication (~> 1.3)
      mixlib-cli (~> 1.4)
      mixlib-config (~> 2.0)
      mixlib-log (~> 1.3)
      mixlib-shellout (~> 1.4)
      net-ssh (~> 2.6)
      net-ssh-multi (~> 1.1)
      ohai (~> 7.4)
      plist (~> 3.1.0)
      pry (~> 0.9)
      rest-client (>= 1.0.4, <= 1.6.7)
    chef-sugar (2.5.0)
    chef-zero (2.2.1)
      ffi-yajl (~> 1.1)
      hashie (~> 2.0)
      mixlib-log (~> 1.3)
      rack
    cleanroom (1.0.0)
    coderay (1.1.0)
    coercible (1.0.0)
      descendants_tracker (~> 0.0.1)
    colorize (0.6.0)
    descendants_tracker (0.0.4)
      thread_safe (~> 0.3, >= 0.3.1)
    diff-lcs (1.2.5)
    droplet_kit (1.1.3)
      activesupport (~> 4.1.6)
      faraday (~> 0.9.1)
      kartograph (~> 0.2.0)
      resource_kit (~> 0.1.1)
      virtus (~> 1.0.3)
    equalizer (0.0.9)
    erubis (2.7.0)
    faraday (0.9.1)
      multipart-post (>= 1.2, < 3)
    ffi (1.9.6)
    ffi-yajl (1.3.1)
      ffi (~> 1.5)
      libyajl2 (~> 1.2)
    hashie (2.1.2)
    highline (1.6.20)
    i18n (0.7.0)
    ice_nine (0.11.1)
    ipaddress (0.8.0)
    json (1.8.2)
    json_pure (1.8.1)
    kartograph (0.2.0)
    kitchen-digitalocean (0.8.3)
      droplet_kit (~> 1.0)
      test-kitchen (~> 1.2)
    librarian (0.1.2)
      highline
      thor (~> 0.15)
    librarian-chef (0.0.4)
      chef (>= 0.10)
      librarian (~> 0.1.0)
      minitar (>= 0.5.2)
    libyajl2 (1.2.0)
    method_source (0.8.2)
    mime-types (1.25.1)
    minitar (0.5.4)
    minitest (5.5.1)
    mixlib-authentication (1.3.0)
      mixlib-log
    mixlib-cli (1.5.0)
    mixlib-config (2.1.0)
    mixlib-log (1.6.0)
    mixlib-shellout (1.6.1)
    multipart-post (2.0.0)
    net-scp (1.2.1)
      net-ssh (>= 2.6.5)
    net-ssh (2.9.2)
    net-ssh-gateway (1.2.0)
      net-ssh (>= 2.6.5)
    net-ssh-multi (1.2.0)
      net-ssh (>= 2.6.5)
      net-ssh-gateway (>= 1.2.0)
    ohai (7.4.1)
      ffi (~> 1.9)
      ffi-yajl (~> 1.1)
      ipaddress
      mime-types (~> 1.16)
      mixlib-cli
      mixlib-config (~> 2.0)
      mixlib-log
      mixlib-shellout (~> 1.2)
      systemu (~> 2.6.4)
      wmi-lite (~> 1.0)
    omnibus (4.0.0)
      chef-sugar (~> 2.2)
      cleanroom (~> 1.0)
      mixlib-shellout (~> 1.4)
      ohai (~> 7.2)
      thor (~> 0.18)
      uber-s3
    package_cloud (0.2.18)
      colorize (= 0.6.0)
      highline (= 1.6.20)
      json_pure (= 1.8.1)
      rest-client (= 1.6.7)
      thor (= 0.18.1)
    plist (3.1.0)
    pry (0.10.1)
      coderay (~> 1.1.0)
      method_source (~> 0.8.1)
      slop (~> 3.4)
    rack (1.6.0)
    rake (10.4.2)
    resource_kit (0.1.2)
      addressable (~> 2.3.6)
    rest-client (1.6.7)
      mime-types (>= 1.16)
    safe_yaml (1.0.4)
    slop (3.6.0)
    systemu (2.6.4)
    test-kitchen (1.3.1)
      mixlib-shellout (>= 1.2, < 3.0)
      net-scp (~> 1.1)
      net-ssh (~> 2.7)
      safe_yaml (~> 1.0)
      thor (~> 0.18)
    thor (0.18.1)
    thread_safe (0.3.4)
    tzinfo (1.2.2)
      thread_safe (~> 0.1)
    uber-s3 (0.2.4)
      mime-types (~> 1.17)
    virtus (1.0.4)
      axiom-types (~> 0.1)
      coercible (~> 1.0)
      descendants_tracker (~> 0.0, >= 0.0.3)
      equalizer (~> 0.0, >= 0.0.9)
    wmi-lite (1.0.0)

PLATFORMS
  ruby

DEPENDENCIES
  kitchen-digitalocean
  librarian-chef
  omnibus (= 4.0.0)
  omnibus-software!
  package_cloud
  pry
  rake
  test-kitchen
